GEM
  remote: http://rubygems.org/
  specs:
    activemodel (5.2.3)
      activesupport (= 5.2.3)
    activerecord (5.2.3)
      activemodel (= 5.2.3)
      activesupport (= 5.2.3)
      arel (>= 9.0)
    activesupport (5.2.3)
      concurrent-ruby (~> 1.0, >= 1.0.2)
      i18n (>= 0.7, < 2)
      minitest (~> 5.1)
      tzinfo (~> 1.1)
    arel (9.0.0)
    bson (4.4.2)
    concurrent-ruby (1.1.5)
    haml (5.0.4)
      temple (>= 0.8.0)
      tilt
    hkdf (0.3.0)
    i18n (1.6.0)
      concurrent-ruby (~> 1.0)
    jwt (2.1.0)
    mini_cache (1.1.0)
    minitest (5.11.3)
    mongo (2.8.0)
      bson (>= 4.4.2, < 5.0.0)
    mongoid (7.0.2)
      activemodel (>= 5.1, < 6.0.0)
      mongo (>= 2.5.1, < 3.0.0)
    mustermann (1.0.3)
    parallel (1.17.0)
    pg (1.1.4)
    psych (3.1.0)
    puma (3.12.1)
    rack (2.2.6.4)
    rack-protection (2.0.5)
      rack
    sinatra (2.0.5)
      mustermann (~> 1.0)
      rack (~> 2.0)
      rack-protection (= 2.0.5)
      tilt (~> 2.0)
    sinatra-activerecord (2.0.13)
      activerecord (>= 3.2)
      sinatra (>= 1.0)
    temple (0.8.1)
    thread_safe (0.3.6)
    tilt (2.0.9)
    tzinfo (1.2.5)
      thread_safe (~> 0.1)
    webpush (0.3.8)
      hkdf (~> 0.2)
      jwt (~> 2.0)

PLATFORMS
  ruby

DEPENDENCIES
  activerecord
  haml
  mini_cache
  mongoid
  parallel
  pg
  psych
  puma
  sinatra
  sinatra-activerecord
  webpush

BUNDLED WITH
   1.17.2
